GEM
  remote: http://rubygems.org/
  specs:
    activesupport (3.0.7)
    builder (3.0.0)
    cli-colorize (1.0.0)
    diff-lcs (1.1.2)
    fakeweb (1.3.0)
    git (1.2.5)
    grit (2.4.1)
      diff-lcs (~> 1.1)
      mime-types (~> 1.15)
    hirb (0.4.3)
    i18n (0.5.0)
    jeweler (1.5.2)
      bundler (~> 1.0.0)
      git (>= 1.2.5)
      rake
    macaddr (1.0.0)
    mime-types (1.16)
    mocha (0.9.12)
    nokogiri (1.4.4)
    rack (1.2.2)
    rack-test (0.5.7)
      rack (>= 1.0)
    rake (0.8.7)
    rcov (0.9.9)
    rdoc (3.6.1)
    ruby-prof (0.10.6)
    shoulda (2.11.3)
    system_timer (1.0)
    thor (0.14.6)
    uuid (2.3.2)
      macaddr (~> 1.0)
    webrat (0.5.1)
      nokogiri (>= 1.2.0)
      rack (>= 1.0)
    yajl-ruby (0.8.2)

PLATFORMS
  ruby

DEPENDENCIES
  activesupport
  builder (>= 2.1.2)
  cli-colorize
  fakeweb (>= 1.2.8)
  grit
  hirb
  i18n
  jeweler (~> 1.5.2)
  mocha (>= 0.9.8)
  rack-test (>= 0.5.0)
  rake (>= 0.8.7)
  rcov (~> 0.9.8)
  rdoc
  ruby-prof (>= 0.9.1)
  shoulda (>= 2.10.3)
  system_timer (>= 1.0)
  thor
  uuid (>= 2.3.1)
  webrat (= 0.5.1)
  yajl-ruby
